GEM
  remote: http://rubygems.org/
  specs:
    albacore (0.2.5)
      rubyzip (= 0.9.4)
    git (1.2.5)
    rubyzip (0.9.4)

PLATFORMS
  x86-mingw32
  x86-mswin32

DEPENDENCIES
  albacore
  git
